GEM
  remote: https://rubygems.org/
  specs:
    activesupport (7.0.4.1)
      concurrent-ruby (~> 1.0, >= 1.0.2)
      i18n (>= 1.6, < 2)
      minitest (>= 5.1)
      tzinfo (~> 2.0)
    addressable (2.4.0)
    algolia_html_extractor (2.6.4)
      json (~> 2.0)
      nokogiri (~> 1.10)
    algoliasearch (1.27.5)
      httpclient (~> 2.8, >= 2.8.3)
      json (>= 1.5.1)
    coffee-script (2.4.1)
      coffee-script-source
      execjs
    coffee-script-source (1.11.1)
    colorator (0.1)
    concurrent-ruby (1.1.10)
    ethon (0.15.0)
      ffi (>= 1.15.0)
    execjs (2.8.1)
    faraday (2.3.0)
      faraday-net_http (~> 2.0)
      ruby2_keywords (>= 0.0.4)
    faraday-net_http (2.0.3)
    ffi (1.15.5)
    ffi (1.15.5-x64-mingw32)
    filesize (0.2.0)
    gemoji (2.1.0)
    github-pages (87)
      github-pages-health-check (= 1.1.0)
      jekyll (= 3.1.6)
      jekyll-coffeescript (= 1.0.1)
      jekyll-feed (= 0.5.1)
      jekyll-gist (= 1.4.0)
      jekyll-github-metadata (= 2.0.2)
      jekyll-mentions (= 1.1.3)
      jekyll-paginate (= 1.1.0)
      jekyll-redirect-from (= 0.11.0)
      jekyll-sass-converter (= 1.3.0)
      jekyll-seo-tag (= 2.0.0)
      jekyll-sitemap (= 0.10.0)
      jemoji (= 0.6.2)
      kramdown (= 1.11.1)
      liquid (= 3.0.6)
      listen (= 3.0.6)
      mercenary (~> 0.3)
      rouge (= 1.11.1)
      terminal-table (~> 1.4)
    github-pages-health-check (1.1.0)
      addressable (~> 2.3)
      net-dns (~> 0.8)
      octokit (~> 4.0)
      public_suffix (~> 1.4)
      typhoeus (~> 0.7)
    html-pipeline (2.14.3)
      activesupport (>= 2)
      nokogiri (>= 1.4)
    httpclient (2.8.3)
    i18n (1.12.0)
      concurrent-ruby (~> 1.0)
    jekyll (3.1.6)
      colorator (~> 0.1)
      jekyll-sass-converter (~> 1.0)
      jekyll-watch (~> 1.1)
      kramdown (~> 1.3)
      liquid (~> 3.0)
      mercenary (~> 0.3.3)
      rouge (~> 1.7)
      safe_yaml (~> 1.0)
    jekyll-algolia (1.4.11)
      algolia_html_extractor (~> 2.6)
      algoliasearch (~> 1.25)
      filesize (~> 0.1)
      jekyll (~> 3.0)
      json (~> 2.0)
      nokogiri (~> 1.6)
      progressbar (~> 1.9)
      verbal_expressions (~> 0.1.5)
    jekyll-coffeescript (1.0.1)
      coffee-script (~> 2.2)
    jekyll-feed (0.5.1)
    jekyll-gist (1.4.0)
      octokit (~> 4.2)
    jekyll-github-metadata (2.0.2)
      jekyll (~> 3.1)
      octokit (~> 4.0)
    jekyll-mentions (1.1.3)
      html-pipeline (~> 2.3)
      jekyll (~> 3.0)
    jekyll-paginate (1.1.0)
    jekyll-redirect-from (0.11.0)
      jekyll (>= 2.0)
    jekyll-sass-converter (1.3.0)
      sass (~> 3.2)
    jekyll-seo-tag (2.0.0)
      jekyll (~> 3.1)
    jekyll-sitemap (0.10.0)
    jekyll-watch (1.5.1)
      listen (~> 3.0)
    jemoji (0.6.2)
      gemoji (~> 2.0)
      html-pipeline (~> 2.2)
      jekyll (>= 3.0)
    json (2.6.2)
    kramdown (1.11.1)
    liquid (3.0.6)
    listen (3.0.6)
      rb-fsevent (>= 0.9.3)
      rb-inotify (>= 0.9.7)
    mercenary (0.3.6)
    mini_portile2 (2.8.0)
    minitest (5.17.0)
    net-dns (0.9.0)
    nokogiri (1.13.10)
      mini_portile2 (~> 2.8.0)
      racc (~> 1.4)
    nokogiri (1.13.10-x64-mingw32)
      racc (~> 1.4)
    octokit (4.25.1)
      faraday (>= 1, < 3)
      sawyer (~> 0.9)
    progressbar (1.11.0)
    public_suffix (1.5.3)
    racc (1.6.1)
    rb-fsevent (0.11.1)
    rb-inotify (0.10.1)
      ffi (~> 1.0)
    rouge (1.11.1)
    ruby2_keywords (0.0.5)
    safe_yaml (1.0.5)
    sass (3.7.4)
      sass-listen (~> 4.0.0)
    sass-listen (4.0.0)
      rb-fsevent (~> 0.9, >= 0.9.4)
      rb-inotify (~> 0.9, >= 0.9.7)
    sawyer (0.9.2)
      addressable (>= 2.3.5)
      faraday (>= 0.17.3, < 3)
    terminal-table (1.8.0)
      unicode-display_width (~> 1.1, >= 1.1.1)
    typhoeus (0.8.0)
      ethon (>= 0.8.0)
    tzinfo (2.0.5)
      concurrent-ruby (~> 1.0)
    tzinfo-data (1.2022.6)
      tzinfo (>= 1.0.0)
    unicode-display_width (1.8.0)
    verbal_expressions (0.1.5)
    wdm (0.1.1)
    webrick (1.7.0)

PLATFORMS
  ruby
  x64-mingw32

DEPENDENCIES
  activesupport (~> 7.0)
  github-pages
  jekyll-algolia
  tzinfo (~> 2.0)
  tzinfo-data (~> 1.2)
  wdm (>= 0.1.0)
  webrick (~> 1.7)

BUNDLED WITH
   2.0.1
